GEM
  remote: https://rubygems.org/
  specs:
    actioncable (5.2.4.3)
      actionpack (= 5.2.4.3)
      nio4r (~> 2.0)
      websocket-driver (>= 0.6.1)
    actionmailer (5.2.4.3)
      actionpack (= 5.2.4.3)
      actionview (= 5.2.4.3)
      activejob (= 5.2.4.3)
      mail (~> 2.5, >= 2.5.4)
      rails-dom-testing (~> 2.0)
    actionpack (5.2.4.3)
      actionview (= 5.2.4.3)
      activesupport (= 5.2.4.3)
      rack (~> 2.0, >= 2.0.8)
      rack-test (>= 0.6.3)
      rails-dom-testing (~> 2.0)
      rails-html-sanitizer (~> 1.0, >= 1.0.2)
    actionview (5.2.4.3)
      activesupport (= 5.2.4.3)
      builder (~> 3.1)
      erubi (~> 1.4)
      rails-dom-testing (~> 2.0)
      rails-html-sanitizer (~> 1.0, >= 1.0.3)
    activejob (5.2.4.3)
      activesupport (= 5.2.4.3)
      globalid (>= 0.3.6)
    activemodel (5.2.4.3)
      activesupport (= 5.2.4.3)
    activerecord (5.2.4.3)
      activemodel (= 5.2.4.3)
      activesupport (= 5.2.4.3)
      arel (>= 9.0)
    activestorage (5.2.4.3)
      actionpack (= 5.2.4.3)
      activerecord (= 5.2.4.3)
      marcel (~> 0.3.1)
    activesupport (5.2.4.3)
      concurrent-ruby (~> 1.0, >= 1.0.2)
      i18n (>= 0.7, < 2)
      minitest (~> 5.1)
      tzinfo (~> 1.1)
    acts-as-taggable-on (5.0.0)
      activerecord (>= 4.2.8)
    addressable (2.7.0)
      public_suffix (>= 2.0.2, < 5.0)
    ahoy_matey (3.0.4)
      activesupport (>= 5)
      device_detector
      geocoder (>= 1.4.5)
      safely_block (>= 0.2.1)
    ansi (1.5.0)
    archive-zip (0.12.0)
      io-like (~> 0.3.0)
    arel (9.0.0)
    autoprefixer-rails (9.8.4)
      execjs
    aws-eventstream (1.1.0)
    aws-partitions (1.338.0)
    aws-sdk-core (3.103.0)
      aws-eventstream (~> 1, >= 1.0.2)
      aws-partitions (~> 1, >= 1.239.0)
      aws-sigv4 (~> 1.1)
      jmespath (~> 1.0)
    aws-sdk-kms (1.36.0)
      aws-sdk-core (~> 3, >= 3.99.0)
      aws-sigv4 (~> 1.1)
    aws-sdk-s3 (1.73.0)
      aws-sdk-core (~> 3, >= 3.102.1)
      aws-sdk-kms (~> 1)
      aws-sigv4 (~> 1.1)
    aws-sigv4 (1.2.1)
      aws-eventstream (~> 1, >= 1.0.2)
    backports (3.18.1)
    bcrypt (3.1.13)
    bindex (0.8.1)
    bootstrap-sass (3.4.1)
      autoprefixer-rails (>= 5.2.1)
      sassc (>= 2.0.0)
    bootstrap-will_paginate (1.0.0)
      will_paginate
    builder (3.2.4)
    byebug (10.0.2)
    capybara (3.2.1)
      addressable
      mini_mime (>= 0.1.3)
      nokogiri (~> 1.8)
      rack (>= 1.6.0)
      rack-test (>= 0.6.3)
      xpath (~> 3.1)
    carrierwave (1.2.3)
      activemodel (>= 4.0.0)
      activesupport (>= 4.0.0)
      mime-types (>= 1.16)
    childprocess (3.0.0)
    coderay (1.1.3)
    coffee-rails (4.2.2)
      coffee-script (>= 2.2.0)
      railties (>= 4.0.0)
    coffee-script (2.4.1)
      coffee-script-source
      execjs
    coffee-script-source (1.12.2)
    concurrent-ruby (1.1.6)
    content_disposition (1.0.0)
    crass (1.0.6)
    cucumber (3.2.0)
      builder (>= 2.1.2)
      cucumber-core (~> 3.2.0)
      cucumber-expressions (~> 6.0.1)
      cucumber-wire (~> 0.0.1)
      diff-lcs (~> 1.3)
      gherkin (~> 5.1.0)
      multi_json (>= 1.7.5, < 2.0)
      multi_test (>= 0.1.2)
    cucumber-core (3.2.1)
      backports (>= 3.8.0)
      cucumber-tag_expressions (~> 1.1.0)
      gherkin (~> 5.0)
    cucumber-expressions (6.0.1)
    cucumber-rails (1.6.0)
      capybara (>= 1.1.2, < 4)
      cucumber (>= 3.0.2, < 4)
      mime-types (>= 1.17, < 4)
      nokogiri (~> 1.8)
      railties (>= 4, < 6)
    cucumber-tag_expressions (1.1.1)
    cucumber-wire (0.0.1)
    database_cleaner (1.7.0)
    device_detector (1.0.4)
    devise (4.7.2)
      bcrypt (~> 3.0)
      orm_adapter (~> 0.1)
      railties (>= 4.1.0)
      responders
      warden (~> 1.2.3)
    diff-lcs (1.4.4)
    dotenv (2.7.5)
    dotenv-rails (2.7.5)
      dotenv (= 2.7.5)
      railties (>= 3.2, < 6.1)
    down (5.2.0)
      addressable (~> 2.5)
    errbase (0.2.0)
    erubi (1.9.0)
    excon (0.75.0)
    execjs (2.7.0)
    factory_bot (4.11.1)
      activesupport (>= 3.0.0)
    factory_bot_rails (4.11.1)
      factory_bot (~> 4.11.1)
      railties (>= 3.0.0)
    faker (1.8.7)
      i18n (>= 0.7)
    fastimage (2.1.7)
    ffi (1.13.1)
    ffi (1.13.1-x64-mingw32)
    fog-aws (3.6.6)
      fog-core (~> 2.1)
      fog-json (~> 1.1)
      fog-xml (~> 0.1)
      ipaddress (~> 0.8)
    fog-core (2.2.0)
      builder
      excon (~> 0.71)
      formatador (~> 0.2)
      mime-types
    fog-json (1.2.0)
      fog-core
      multi_json (~> 1.10)
    fog-xml (0.1.3)
      fog-core
      nokogiri (>= 1.5.11, < 2.0.0)
    formatador (0.2.5)
    geckodriver-helper (0.24.0)
      archive-zip (~> 0.7)
    geocoder (1.6.3)
    gherkin (5.1.0)
    globalid (0.4.2)
      activesupport (>= 4.2.0)
    guard (2.16.2)
      formatador (>= 0.2.4)
      listen (>= 2.7, < 4.0)
      lumberjack (>= 1.0.12, < 2.0)
      nenv (~> 0.1)
      notiffany (~> 0.0)
      pry (>= 0.9.12)
      shellany (~> 0.0)
      thor (>= 0.18.1)
    guard-compat (1.2.1)
    guard-minitest (2.4.6)
      guard-compat (~> 1.2)
      minitest (>= 3.0)
    hkdf (0.3.0)
    i18n (1.8.3)
      concurrent-ruby (~> 1.0)
    image_processing (1.7.1)
      mini_magick (~> 4.0)
      ruby-vips (>= 2.0.13, < 3)
    impressionist (1.6.1)
      nokogiri (~> 1)
    io-like (0.3.1)
    ipaddress (0.8.3)
    jbuilder (2.10.0)
      activesupport (>= 5.0.0)
    jmespath (1.4.0)
    jquery-rails (4.3.5)
      rails-dom-testing (>= 1, < 3)
      railties (>= 4.2.0)
      thor (>= 0.14, < 2.0)
    jwt (2.2.1)
    listen (3.1.5)
      rb-fsevent (~> 0.9, >= 0.9.4)
      rb-inotify (~> 0.9, >= 0.9.7)
      ruby_dep (~> 1.2)
    loofah (2.6.0)
      crass (~> 1.0.2)
      nokogiri (>= 1.5.9)
    lumberjack (1.2.6)
    mail (2.7.1)
      mini_mime (>= 0.1.1)
    marcel (0.3.3)
      mimemagic (~> 0.3.2)
    method_source (1.0.0)
    mime-types (3.3.1)
      mime-types-data (~> 3.2015)
    mime-types-data (3.2020.0512)
    mimemagic (0.3.5)
    mini_magick (4.8.0)
    mini_mime (1.0.2)
    mini_portile2 (2.4.0)
    minitest (5.14.1)
    minitest-reporters (1.3.8)
      ansi
      builder
      minitest (>= 5.0)
      ruby-progressbar
    multi_json (1.14.1)
    multi_test (0.1.2)
    mysql2 (0.5.3)
    mysql2 (0.5.3-x64-mingw32)
    nenv (0.3.0)
    nio4r (2.5.2)
    nokogiri (1.10.9)
      mini_portile2 (~> 2.4.0)
    nokogiri (1.10.9-x64-mingw32)
      mini_portile2 (~> 2.4.0)
    notiffany (0.1.3)
      nenv (~> 0.1)
      shellany (~> 0.0)
    orm_adapter (0.5.0)
    pg (1.1.4)
    pg (1.1.4-x64-mingw32)
    pry (0.13.1)
      coderay (~> 1.1)
      method_source (~> 1.0)
    public_suffix (4.0.6)
    puma (3.12.6)
    rack (2.2.3)
    rack-test (1.1.0)
      rack (>= 1.0, < 3)
    rails (5.2.4.3)
      actioncable (= 5.2.4.3)
      actionmailer (= 5.2.4.3)
      actionpack (= 5.2.4.3)
      actionview (= 5.2.4.3)
      activejob (= 5.2.4.3)
      activemodel (= 5.2.4.3)
      activerecord (= 5.2.4.3)
      activestorage (= 5.2.4.3)
      activesupport (= 5.2.4.3)
      bundler (>= 1.3.0)
      railties (= 5.2.4.3)
      sprockets-rails (>= 2.0.0)
    rails-controller-testing (1.0.5)
      actionpack (>= 5.0.1.rc1)
      actionview (>= 5.0.1.rc1)
      activesupport (>= 5.0.1.rc1)
    rails-dom-testing (2.0.3)
      activesupport (>= 4.2.0)
      nokogiri (>= 1.6)
    rails-html-sanitizer (1.3.0)
      loofah (~> 2.3)
    railties (5.2.4.3)
      actionpack (= 5.2.4.3)
      activesupport (= 5.2.4.3)
      method_source
      rake (>= 0.8.7)
      thor (>= 0.19.0, < 2.0)
    rake (13.0.1)
    rb-fsevent (0.10.4)
    rb-inotify (0.10.1)
      ffi (~> 1.0)
    redis (3.3.5)
    redis-namespace (1.7.0)
      redis (>= 3.0.4)
    responders (3.0.1)
      actionpack (>= 5.0)
      railties (>= 5.0)
    rspec-core (3.9.2)
      rspec-support (~> 3.9.3)
    rspec-expectations (3.9.2)
      diff-lcs (>= 1.2.0, < 2.0)
      rspec-support (~> 3.9.0)
    rspec-mocks (3.9.1)
      diff-lcs (>= 1.2.0, < 2.0)
      rspec-support (~> 3.9.0)
    rspec-rails (3.9.1)
      actionpack (>= 3.0)
      activesupport (>= 3.0)
      railties (>= 3.0)
      rspec-core (~> 3.9.0)
      rspec-expectations (~> 3.9.0)
      rspec-mocks (~> 3.9.0)
      rspec-support (~> 3.9.0)
    rspec-support (3.9.3)
    ruby-progressbar (1.10.1)
    ruby-vips (2.0.17)
      ffi (~> 1.9)
    ruby_dep (1.5.0)
    rubyzip (2.3.0)
    safely_block (0.3.0)
      errbase (>= 0.1.1)
    sass (3.7.4)
      sass-listen (~> 4.0.0)
    sass-listen (4.0.0)
      rb-fsevent (~> 0.9, >= 0.9.4)
      rb-inotify (~> 0.9, >= 0.9.7)
    sass-rails (5.1.0)
      railties (>= 5.2.0)
      sass (~> 3.1)
      sprockets (>= 2.8, < 4.0)
      sprockets-rails (>= 2.0, < 4.0)
      tilt (>= 1.1, < 3)
    sassc (2.4.0)
      ffi (~> 1.9)
    sassc (2.4.0-x64-mingw32)
      ffi (~> 1.9)
    selenium-webdriver (3.142.7)
      childprocess (>= 0.5, < 4.0)
      rubyzip (>= 1.2.2)
    serviceworker-rails (0.6.0)
      railties (>= 3.1)
    shellany (0.0.1)
    shrine (3.3.0)
      content_disposition (~> 1.0)
      down (~> 5.1)
    spring (2.0.2)
      activesupport (>= 4.2)
    spring-watcher-listen (2.0.1)
      listen (>= 2.7, < 4.0)
      spring (>= 1.2, < 3.0)
    sprockets (3.7.2)
      concurrent-ruby (~> 1.0)
      rack (> 1, < 3)
    sprockets-rails (3.2.1)
      actionpack (>= 4.0)
      activesupport (>= 4.0)
      sprockets (>= 3.0.0)
    sucker_punch (2.1.2)
      concurrent-ruby (~> 1.0)
    thor (1.0.1)
    thread_safe (0.3.6)
    tilt (2.0.10)
    turbolinks (5.1.1)
      turbolinks-source (~> 5.1)
    turbolinks-source (5.2.0)
    tzinfo (1.2.7)
      thread_safe (~> 0.1)
    tzinfo-data (1.2020.1)
      tzinfo (>= 1.0.0)
    uglifier (4.2.0)
      execjs (>= 0.3.0, < 3)
    warden (1.2.8)
      rack (>= 2.0.6)
    web-console (3.6.2)
      actionview (>= 5.0)
      activemodel (>= 5.0)
      bindex (>= 0.4.0)
      railties (>= 5.0)
    webpush (1.0.0)
      hkdf (~> 0.2)
      jwt (~> 2.0)
    websocket-driver (0.7.2)
      websocket-extensions (>= 0.1.0)
    websocket-extensions (0.1.5)
    will_paginate (3.1.8)
    xpath (3.2.0)
      nokogiri (~> 1.8)

PLATFORMS
  ruby
  x64-mingw32

DEPENDENCIES
  acts-as-taggable-on (~> 5.0)
  ahoy_matey
  aws-sdk-s3 (~> 1.2)
  bcrypt (~> 3.1.11)
  bootstrap-sass
  bootstrap-will_paginate (~> 1.0.0)
  byebug (~> 10.0.2)
  capybara (~> 3.2.1)
  carrierwave (~> 1.2.2)
  coffee-rails (~> 4.2)
  content_disposition (~> 1.0)
  cucumber-rails (~> 1.6.0)
  database_cleaner (~> 1.7.0)
  devise
  dotenv-rails
  factory_bot_rails (~> 4.0)
  faker (~> 1.8.3)
  fastimage
  fog-aws
  geckodriver-helper
  guard (~> 2.16.1)
  guard-minitest (~> 2.4.6)
  image_processing (~> 1.0)
  impressionist (~> 1.6.1)
  jbuilder (~> 2.7)
  jquery-rails (~> 4.3.1)
  listen (~> 3.1.5)
  mini_magick (~> 4.8.0)
  minitest-reporters (~> 1.3.0)
  mysql2
  nokogiri
  pg (~> 1.1.0)
  puma (~> 3.7)
  rails (~> 5.2.0)
  rails-controller-testing (~> 1.0.2)
  redis (~> 3.2)
  redis-namespace
  rspec-rails (~> 3.7)
  sass-rails (~> 5.0)
  selenium-webdriver (~> 3.142.7)
  serviceworker-rails
  shrine (~> 3.3)
  spring (~> 2.0.2)
  spring-watcher-listen (~> 2.0.1)
  sucker_punch
  turbolinks (~> 5.1.1)
  tzinfo-data
  uglifier (>= 1.3.0)
  web-console (~> 3.6.2)
  webpush
  will_paginate (~> 3.1.6)

BUNDLED WITH
   1.17.2
